PATH
  remote: .
  specs:
    mongo-i18n (0.0.3)
      bson_ext
      mongo

GEM
  remote: http://rubygems.org/
  specs:
    bson (1.4.0)
    bson_ext (1.4.0)
    diff-lcs (1.1.3)
    mongo (1.4.0)
      bson (= 1.4.0)
    rspec (2.3.0)
      rspec-core (~> 2.3.0)
      rspec-expectations (~> 2.3.0)
      rspec-mocks (~> 2.3.0)
    rspec-core (2.3.1)
    rspec-expectations (2.3.0)
      diff-lcs (~> 1.1.2)
    rspec-mocks (2.3.0)

PLATFORMS
  ruby

DEPENDENCIES
  mongo-i18n!
  rspec (~> 2.3.0)
